GEM
  remote: http://rubygems.org/
  specs:
    archive-tar-minitar (0.5.2)
    axiom-types (0.1.1)
      descendants_tracker (~> 0.0.4)
      ice_nine (~> 0.11.0)
      thread_safe (~> 0.3, >= 0.3.1)
    coercible (1.0.0)
      descendants_tracker (~> 0.0.1)
    commander (4.2.1)
      highline (~> 1.6.11)
    descendants_tracker (0.0.4)
      thread_safe (~> 0.3, >= 0.3.1)
    domain_name (0.5.25)
      unf (>= 0.0.5, < 1.0.0)
    equalizer (0.0.11)
    ffi (1.9.10-x86-mingw32)
    gene_pool (1.4.1)
      thread_safe
    highline (1.6.21)
    httmultiparty (0.3.16)
      httparty (>= 0.7.3)
      mimemagic
      multipart-post
    http-cookie (1.0.2)
      domain_name (~> 0.5)
    httparty (0.13.7)
      json (~> 1.8)
      multi_xml (>= 0.5.2)
    httpclient (2.7.0.1)
    ice_nine (0.11.1)
    json (1.8.3)
    magic_encoding (0.0.2)
    mime-types (2.6.2)
    mimemagic (0.3.0)
    multi_xml (0.5.5)
    multipart-post (2.0.0)
    net-scp (1.2.1)
      net-ssh (>= 2.6.5)
    net-ssh (2.9.2)
    net-ssh-gateway (1.2.0)
      net-ssh (>= 2.6.5)
    net-ssh-multi (1.2.1)
      net-ssh (>= 2.6.5)
      net-ssh-gateway (>= 1.2.0)
    netrc (0.11.0)
    open4 (1.3.4)
    persistent_http (1.0.6)
      gene_pool (>= 1.3)
    persistent_httparty (0.1.2)
      httparty (~> 0.9)
      persistent_http (< 2)
    rest-client (1.8.0)
      http-cookie (>= 1.0.2, < 2.0)
      mime-types (>= 1.16, < 3.0)
      netrc (~> 0.7)
    rest-client (1.8.0-x86-mingw32)
      ffi (~> 1.9)
      http-cookie (>= 1.0.2, < 2.0)
      mime-types (>= 1.16, < 3.0)
      netrc (~> 0.7)
    rhc (1.38.4)
      archive-tar-minitar
      commander (>= 4.0, < 4.3.0)
      highline (~> 1.6.11)
      httpclient (>= 2.4.0)
      net-scp (>= 1.1.2)
      net-ssh (<= 2.9.2)
      net-ssh-multi (>= 1.2.0)
      open4
    telegram-bot-ruby (0.3.10)
      httmultiparty
      persistent_httparty
      virtus
    thread_safe (0.3.5)
    unf (0.1.4)
      unf_ext
    unf_ext (0.0.7.1)
    unf_ext (0.0.7.1-x86-mingw32)
    virtus (1.0.5)
      axiom-types (~> 0.1)
      coercible (~> 1.0)
      descendants_tracker (~> 0.0, >= 0.0.3)
      equalizer (~> 0.0, >= 0.0.9)

PLATFORMS
  ruby
  x86-mingw32

DEPENDENCIES
  magic_encoding
  rest-client
  rhc
  telegram-bot-ruby
